PATH
  remote: ../homie-mqtt
  specs:
    homie-mqtt (1.1.0)
      ccutrer-mqtt (~> 1.0)

PATH
  remote: ../ruby-mqtt
  specs:
    ccutrer-mqtt (1.0.0)

PATH
  remote: .
  specs:
    jvc_projector (0.0.1)
      ccutrer-serialport (~> 1.1)
      homie-mqtt (~> 1.1)
      net-telnet-rfc2217 (~> 0.0.3)
      thor (~> 1.1)

GEM
  remote: https://rubygems.org/
  specs:
    byebug (9.1.0)
    ccutrer-serialport (1.1.0)
      ffi (~> 1.9, >= 1.9.3)
    ffi (1.14.2)
    net-telnet (0.2.0)
    net-telnet-rfc2217 (0.0.5)
      net-telnet (~> 0.2.0)
    rake (13.0.1)
    thor (1.1.0)

PLATFORMS
  ruby

DEPENDENCIES
  byebug (~> 9.0)
  ccutrer-mqtt!
  homie-mqtt!
  jvc_projector!
  rake (~> 13.0)

BUNDLED WITH
   2.1.4
